GEM
  remote: https://rubygems.org/
  specs:
    romajinizer (0.6.0)

PLATFORMS
  x86_64-linux

DEPENDENCIES
  romajinizer (~> 0.6.0)

BUNDLED WITH
   2.2.3
